GIT
  remote: git://github.com/capistrano/capistrano.git
  revision: 2dc1627838f93a5ff7f789965455ccb4fb6136c9
  branch: v3
  specs:
    capistrano (3.0.0.pre14)
      i18n
      rake (>= 10.0.0)
      sshkit (>= 0.0.23)

GEM
  remote: https://rubygems.org/
  specs:
    capistrano-ext-rvm (0.0.2)
      capistrano (>= 1.0.0)
    capistrano-ext-rvm-bundler (0.0.2)
      capistrano (>= 1.0.0)
      capistrano-ext-rvm (>= 0.0.1)
    capistrano-puppet (0.0.2)
      capistrano
      rest-client
    diff-lcs (1.2.4)
    facter (1.7.3)
    hiera (1.2.1)
      json_pure
    i18n (0.6.5)
    json_pure (1.8.0)
    mime-types (1.25)
    mini_portile (0.5.1)
    net-scp (1.1.2)
      net-ssh (>= 2.6.5)
    net-ssh (2.7.0)
    nokogiri (1.6.0)
      mini_portile (~> 0.5.0)
    puppet (3.3.0)
      facter (~> 1.6)
      hiera (~> 1.0)
      rgen (~> 0.6.5)
    rack (1.5.2)
    rake (10.1.0)
    rest-client (1.6.7)
      mime-types (>= 1.16)
    rgen (0.6.6)
    rspec (2.14.1)
      rspec-core (~> 2.14.0)
      rspec-expectations (~> 2.14.0)
      rspec-mocks (~> 2.14.0)
    rspec-core (2.14.5)
    rspec-expectations (2.14.2)
      diff-lcs (>= 1.1.3, < 2.0)
    rspec-mocks (2.14.3)
    rvm (1.11.3.8)
    rvm-capistrano (1.5.0)
      capistrano (>= 2.15.4)
    sshkit (0.0.34)
      net-scp
      net-ssh
      term-ansicolor
    term-ansicolor (1.2.2)
      tins (~> 0.8)
    tins (0.10.0)

PLATFORMS
  ruby

DEPENDENCIES
  bundler
  capistrano!
  capistrano-ext-rvm
  capistrano-ext-rvm-bundler
  capistrano-puppet
  facter
  hiera
  nokogiri
  puppet
  rack (~> 1.1)
  rspec
  rvm
  rvm-capistrano
